PATH
  remote: .
  specs:
    gift_wrap (1.0.0)

GEM
  remote: https://rubygems.org/
  specs:
    activemodel (4.2.6)
      activesupport (= 4.2.6)
      builder (~> 3.1)
    activerecord (4.2.6)
      activemodel (= 4.2.6)
      activesupport (= 4.2.6)
      arel (~> 6.0)
    activesupport (4.2.6)
      i18n (~> 0.7)
      json (~> 1.7, >= 1.7.7)
      minitest (~> 5.1)
      thread_safe (~> 0.3, >= 0.3.4)
      tzinfo (~> 1.1)
    ansi (1.5.0)
    arel (6.0.3)
    builder (3.2.2)
    i18n (0.7.0)
    json (1.8.3)
    minitest (5.9.0)
    minitest-reporters (1.1.9)
      ansi
      builder
      minitest (>= 5.0)
      ruby-progressbar
    rake (10.5.0)
    ruby-progressbar (1.8.1)
    sqlite3 (1.3.11)
    thread_safe (0.3.5)
    turn-again-reporter (1.1.0)
      minitest-reporters (~> 1.0, >= 1.0.8)
    tzinfo (1.2.2)
      thread_safe (~> 0.1)

PLATFORMS
  ruby

DEPENDENCIES
  activemodel (~> 4.0)
  activerecord (~> 4.0, >= 4.0.0)
  bundler (~> 1.7)
  gift_wrap!
  minitest-reporters (~> 1.1)
  rake (~> 10.0)
  sqlite3 (~> 1.3, >= 1.3.0)
  turn-again-reporter (~> 1.1, >= 1.1.0)

BUNDLED WITH
   1.12.5
